GEM
  remote: https://rubygems.org/
  specs:
    activesupport (3.2.12)
      i18n (~> 0.6)
      multi_json (~> 1.0)
    awesome_print (1.1.0)
    backports (2.6.7)
    benchmark-ips (1.2.0)
    builder (3.2.0)
    coderay (1.0.9)
    columnize (0.3.6)
    debugger (1.2.4)
      columnize (>= 0.3.1)
      debugger-linecache (~> 1.1.1)
      debugger-ruby_core_source (~> 1.1.7)
    debugger-linecache (1.1.2)
      debugger-ruby_core_source (>= 1.1.1)
    debugger-ruby_core_source (1.1.9)
    descendants_tracker (0.0.1)
    grape (0.3.2)
      activesupport
      builder
      hashie (>= 1.2.0)
      multi_json (>= 1.3.2)
      multi_xml (>= 0.5.2)
      rack
      rack-accept
      rack-mount
      virtus
    hashie (2.0.2)
    hiredis (0.4.5)
    i18n (0.6.4)
    kgio (2.8.0)
    method_source (0.8.1)
    multi_json (1.6.1)
    multi_xml (0.5.3)
    oj (2.0.10)
    pry (0.9.12)
      coderay (~> 1.0.5)
      method_source (~> 0.8)
      slop (~> 3.4)
    pry-debugger (0.2.1)
      debugger (~> 1.2.0)
      pry (~> 0.9.10)
    rack (1.5.2)
    rack-accept (0.4.5)
      rack (>= 0.4)
    rack-mount (0.8.3)
      rack (>= 1.0.0)
    rack-protection (1.4.0)
      rack
    raindrops (0.10.0)
    rake (10.0.3)
    redis (3.0.3)
    shotgun (0.9)
      rack (>= 1.0)
    sinatra (1.3.5)
      rack (~> 1.4)
      rack-protection (~> 1.3)
      tilt (~> 1.3, >= 1.3.3)
    slop (3.4.4)
    tilt (1.3.5)
    unicorn (4.6.2)
      kgio (~> 2.6)
      rack
      raindrops (~> 0.7)
    virtus (0.5.4)
      backports (~> 2.6.1)
      descendants_tracker (~> 0.0.1)

PLATFORMS
  ruby

DEPENDENCIES
  awesome_print (~> 1.1.0)
  benchmark-ips (~> 1.2.0)
  grape (~> 0.3.hot)
  hiredis (~> 0.4.5)
  oj (~> 2.0.0)
  pry-debugger (= 0.2.1)
  rake (~> 10.0.3)
  redis (~> 3.0.2)
  shotgun (~> 0.9)
  sinatra (~> 1.3.5)
  unicorn (~> 4.6.0)
